GIT
  remote: https://github.com/29decibel/readit.git
  revision: f352941719e54cd05c241e56571fd160ab456aa4
  ref: f352941719e54cd05c241e56571fd160ab456aa4
  specs:
    readit (0.1.0)
      hashie
      multi_json
      oauth

GEM
  remote: https://rubygems.org/
  specs:
    coderay (1.1.0)
    daemons (1.1.9)
    dotenv (0.9.0)
    dotenv-heroku (0.0.1)
      rake
    eventmachine (1.0.3)
    hashie (1.2.0)
    method_source (0.8.2)
    multi_json (1.8.4)
    oauth (0.4.7)
    omniauth (1.0.3)
      hashie (~> 1.2)
      rack
    omniauth-oauth (1.0.1)
      oauth
      omniauth (~> 1.0)
    omniauth-readability (0.0.1)
      multi_json
      omniauth (~> 1.0.0.rc2)
      omniauth-oauth (~> 1.0.0.rc2)
    plist (3.1.0)
    pry (0.10.1)
      coderay (~> 1.1.0)
      method_source (~> 0.8.1)
      slop (~> 3.4)
    rack (1.5.2)
    rack-protection (1.5.2)
      rack
    rack-test (0.6.2)
      rack (>= 1.0)
    rake (10.3.2)
    shotgun (0.9)
      rack (>= 1.0)
    sinatra (1.4.4)
      rack (~> 1.4)
      rack-protection (~> 1.4)
      tilt (~> 1.3, >= 1.3.4)
    slop (3.6.0)
    thin (1.6.1)
      daemons (>= 1.0.9)
      eventmachine (>= 1.0.0)
      rack (>= 1.0.0)
    tilt (1.4.1)

PLATFORMS
  ruby

DEPENDENCIES
  dotenv
  dotenv-heroku
  omniauth
  omniauth-readability
  plist
  pry
  rack-test
  rake
  readit!
  shotgun
  sinatra
  thin
